GEM
  remote: https://rubygems.org/
  specs:
    gserver (0.0.1)
    mysql2 (0.4.2)
    rmodbus (1.2.7)
      gserver (~> 0.0)
    serialport (1.3.1)

PLATFORMS
  ruby

DEPENDENCIES
  mysql2
  rmodbus
  serialport

BUNDLED WITH
   1.11.2
