GIT
  remote: https://github.com/onetwotrip/SimpleConfig
  revision: 6c8ff3624da6db56ef668060be661d5e0dddacde
  specs:
    SimpleConfig (0.0.1)

GEM
  remote: https://rubygems.org/
  specs:
    gserver (0.0.1)
    mysql2 (0.4.2)
    rmodbus (1.2.7)
      gserver (~> 0.0)
    serialport (1.3.1)

PLATFORMS
  ruby

DEPENDENCIES
  SimpleConfig!
  mysql2
  rmodbus
  serialport

BUNDLED WITH
   1.11.2
